GIT
  remote: https://github.com/splaspla-hacker/procon_bypass_man
  revision: eb8b384c90c9c0c3e9e3790a039b7806920f0f7d
  branch: edge
  specs:
    procon_bypass_man (0.1.4)

GIT
  remote: https://github.com/splaspla-hacker/procon_bypass_man-splatoon2
  revision: ca15958a4ab7e0a13f6088ac39e51d46821858eb
  tag: 0.1.0
  specs:
    procon_bypass_man-splatoon2 (0.1.0)

GIT
  remote: https://github.com/splaspla-hacker/procon_bypass_man-web
  revision: 737fb6d763017dc3c0b44d725e1d252c16eb28b6
  specs:
    procon_bypass_man-web (0.1.0)
      sinatra
      webrick

GEM
  remote: https://rubygems.org/
  specs:
    mustermann (1.1.1)
      ruby2_keywords (~> 0.0.1)
    rack (2.2.3)
    rack-protection (2.1.0)
      rack
    ruby2_keywords (0.0.4)
    sinatra (2.1.0)
      mustermann (~> 1.0)
      rack (~> 2.2)
      rack-protection (= 2.1.0)
      tilt (~> 2.0)
    tilt (2.0.10)
    webrick (1.7.0)

PLATFORMS
  arm-linux
  arm64-darwin-20
  armv7l-linux

DEPENDENCIES
  procon_bypass_man!
  procon_bypass_man-splatoon2!
  procon_bypass_man-web!

BUNDLED WITH
   2.2.20
