GIT
  remote: https://github.com/splaspla-hacker/procon_bypass_man
  revision: 2069b2151e73a8f2da347e24fbb33bcd19ec7874
  tag: 0.1
  specs:
    procon_bypass_man (0.1.0)

GEM
  remote: https://rubygems.org/
  specs:

PLATFORMS
  arm64-darwin-20

DEPENDENCIES
  procon_bypass_man!

BUNDLED WITH
   2.2.16
