GIT
  remote: https://github.com/splaspla-hacker/procon_bypass_man
  revision: d17772976ce7e7004af62d3811f70ebe36af4f6e
  tag: 0.1.1
  specs:
    procon_bypass_man (0.1.1)

GIT
  remote: https://github.com/splaspla-hacker/procon_bypass_man-splatoon2
  revision: ca15958a4ab7e0a13f6088ac39e51d46821858eb
  tag: 0.1.0
  specs:
    procon_bypass_man-splatoon2 (0.1.0)

GEM
  remote: https://rubygems.org/
  specs:

PLATFORMS
  arm-linux
  arm64-darwin-20
  armv7l-linux

DEPENDENCIES
  procon_bypass_man!
  procon_bypass_man-splatoon2!

BUNDLED WITH
   2.2.20
