GIT
  remote: https://github.com/splaspla-hacker/procon_bypass_man
  revision: d17772976ce7e7004af62d3811f70ebe36af4f6e
  tag: 0.1.1
  specs:
    procon_bypass_man (0.1.1)

GEM
  remote: https://rubygems.org/
  specs:

PLATFORMS
  arm64-darwin-20
  armv7l-linux-eabihf

DEPENDENCIES
  procon_bypass_man!

BUNDLED WITH
   2.2.20
